GEM
  remote: http://rubygems.org/
  specs:
    ast (1.1.0)
    celluloid (0.15.2)
      timers (~> 1.1.0)
    classifier (1.3.3)
      fast-stemmer (>= 1.0.0)
    coderay (1.0.9)
    colorator (0.1)
    commander (4.1.5)
      highline (~> 1.6.11)
    directory_watcher (1.4.1)
    fast-stemmer (1.0.2)
    ffi (1.9.0)
    formatador (0.2.4)
    guard (2.1.1)
      formatador (>= 0.2.4)
      listen (~> 2.1)
      lumberjack (~> 1.0)
      pry (>= 0.9.12)
      thor (>= 0.18.1)
    guard-rubocop (1.0.0)
      guard (~> 2.0)
      rubocop (~> 0.10)
    highline (1.6.20)
    jekyll (1.2.1)
      classifier (~> 1.3)
      colorator (~> 0.1)
      commander (~> 4.1.3)
      directory_watcher (~> 1.4.1)
      liquid (~> 2.5.2)
      maruku (~> 0.5)
      pygments.rb (~> 0.5.0)
      redcarpet (~> 2.3.0)
      safe_yaml (~> 0.7.0)
    liquid (2.5.3)
    listen (2.1.1)
      celluloid (>= 0.15.2)
      rb-fsevent (>= 0.9.3)
      rb-inotify (>= 0.9)
    lumberjack (1.0.4)
    maruku (0.7.0)
    method_source (0.8.2)
    parser (2.0.0)
      ast (~> 1.1)
      slop (~> 3.4, >= 3.4.5)
    posix-spawn (0.3.6)
    powerpack (0.0.8)
    pry (0.9.12.2)
      coderay (~> 1.0.5)
      method_source (~> 0.8)
      slop (~> 3.4)
    pygments.rb (0.5.2)
      posix-spawn (~> 0.3.6)
      yajl-ruby (~> 1.1.0)
    rainbow (1.1.4)
    rake (10.1.0)
    rb-fsevent (0.9.3)
    rb-inotify (0.9.2)
      ffi (>= 0.5.0)
    redcarpet (2.3.0)
    rubocop (0.14.1)
      parser (~> 2.0)
      powerpack (~> 0.0.6)
      rainbow (>= 1.1.4)
    safe_yaml (0.7.1)
    slop (3.4.6)
    thor (0.18.1)
    timers (1.1.0)
    yajl-ruby (1.1.0)

PLATFORMS
  ruby

DEPENDENCIES
  guard
  guard-rubocop
  jekyll
  rake
  rubocop
